GEM
  remote: https://rubygems.org/
  specs:
    coderay (1.1.2)
    method_source (0.9.0)
    pry (0.11.3)
      coderay (~> 1.1.0)
      method_source (~> 0.9.0)
    pry-doc (0.13.4)
      pry (~> 0.11)
      yard (~> 0.9.11)
    serialport (1.3.1)
    thor (0.20.0)
    yard (0.9.16)

PLATFORMS
  ruby

DEPENDENCIES
  method_source (>= 0.8.2)
  pry
  pry-doc (>= 0.6.0)
  serialport
  thor

RUBY VERSION
   ruby 2.5.1p57

BUNDLED WITH
   1.16.4
