GEM
  remote: https://rubygems.org/
  specs:
    coderay (1.1.2)
    method_source (0.9.2)
    pry (0.12.2)
      coderay (~> 1.1.0)
      method_source (~> 0.9.0)
    pry-doc (1.0.0)
      pry (~> 0.11)
      yard (~> 0.9.11)
    serialport (1.3.1)
    thor (1.0.1)
    yard (0.9.20)

PLATFORMS
  ruby

DEPENDENCIES
  method_source (>= 0.8.2)
  pry
  pry-doc (>= 0.6.0)
  serialport
  thor

RUBY VERSION
   ruby 2.5.1p57

BUNDLED WITH
   2.1.2
