GEM
  remote: https://rubygems.org/
  specs:
    coderay (1.1.1)
    method_source (0.8.2)
    pry (0.10.4)
      coderay (~> 1.1.0)
      method_source (~> 0.8.1)
      slop (~> 3.4)
    pry-doc (0.9.0)
      pry (~> 0.9)
      yard (~> 0.8)
    serialport (1.3.1)
    slop (3.6.0)
    thor (0.19.1)
    yard (0.9.0)

PLATFORMS
  ruby

DEPENDENCIES
  method_source (>= 0.8.2)
  pry
  pry-doc (>= 0.6.0)
  serialport
  thor

RUBY VERSION
   ruby 2.5.1p57

BUNDLED WITH
   1.16.3
